GEM
  remote: https://rubygems.org/
  specs:
    awesome_print (1.9.2)
    date (3.3.3)
    json (2.6.3)
    nokogiri (1.13.10-arm64-darwin)
      racc (~> 1.4)
    open-uri (0.3.0)
      stringio
      time
      uri
    pastel (0.8.0)
      tty-color (~> 0.5)
    racc (1.6.2)
    stringio (3.0.4)
    strings (0.2.1)
      strings-ansi (~> 0.2)
      unicode-display_width (>= 1.5, < 3.0)
      unicode_utils (~> 1.4)
    strings-ansi (0.2.0)
    time (0.2.1)
      date
    tty-color (0.6.0)
    tty-cursor (0.7.1)
    tty-pager (0.14.0)
      strings (~> 0.2.0)
      tty-screen (~> 0.8)
    tty-prompt (0.23.1)
      pastel (~> 0.8)
      tty-reader (~> 0.8)
    tty-reader (0.9.0)
      tty-cursor (~> 0.7)
      tty-screen (~> 0.8)
      wisper (~> 2.0)
    tty-screen (0.8.1)
    unicode-display_width (2.4.2)
    unicode_utils (1.4.0)
    uri (0.12.0)
    wisper (2.0.1)
    xml-to-hash (1.0.3)
      nokogiri (~> 1, >= 1.6)
    yaml (0.2.1)

PLATFORMS
  arm64-darwin-22

DEPENDENCIES
  awesome_print
  json
  nokogiri
  open-uri
  tty-pager
  tty-prompt
  xml-to-hash
  yaml

BUNDLED WITH
   2.3.26
